PATH
  remote: .
  specs:
    libra_client (0.1.0)
      grpc (~> 1.23)

GEM
  remote: https://rubygems.org/
  specs:
    google-protobuf (3.9.1)
    googleapis-common-protos-types (1.0.4)
      google-protobuf (~> 3.0)
    grpc (1.23.0)
      google-protobuf (~> 3.8)
      googleapis-common-protos-types (~> 1.0)
    minitest (5.11.3)
    rake (10.5.0)

PLATFORMS
  ruby

DEPENDENCIES
  bundler (~> 2.0)
  libra_client!
  minitest (~> 5.0)
  rake (~> 10.0)

BUNDLED WITH
   2.0.1
